PATH
  remote: .
  specs:
    hippo-cli (1.2.4)
      encryptor (>= 3.0, < 4.0)
      git (>= 1.5.0, < 2.0)
      liquid (>= 4.0.3, < 5.0)
      secure_random_string (>= 1.0, < 2.0)
      swamp-cli (>= 1.0, < 2.0)

GEM
  remote: https://rubygems.org/
  specs:
    ast (2.4.0)
    diff-lcs (1.3)
    encryptor (3.0.0)
    git (1.11.0)
      rchardet (~> 1.8)
    jaro_winkler (1.5.4)
    liquid (4.0.3)
    parallel (1.19.1)
    parser (2.7.0.2)
      ast (~> 2.4.0)
    rainbow (3.0.0)
    rchardet (1.8.0)
    rspec (3.9.0)
      rspec-core (~> 3.9.0)
      rspec-expectations (~> 3.9.0)
      rspec-mocks (~> 3.9.0)
    rspec-core (3.9.0)
      rspec-support (~> 3.9.0)
    rspec-expectations (3.9.0)
      diff-lcs (>= 1.2.0, < 2.0)
      rspec-support (~> 3.9.0)
    rspec-mocks (3.9.0)
      diff-lcs (>= 1.2.0, < 2.0)
      rspec-support (~> 3.9.0)
    rspec-support (3.9.0)
    rubocop (0.79.0)
      jaro_winkler (~> 1.5.1)
      parallel (~> 1.10)
      parser (>= 2.7.0.1)
      rainbow (>= 2.2.2, < 4.0)
      ruby-progressbar (~> 1.7)
      unicode-display_width (>= 1.4.0, < 1.7)
    ruby-progressbar (1.10.1)
    secure_random_string (1.0.0)
    swamp-cli (1.0.1)
    unicode-display_width (1.6.0)

PLATFORMS
  ruby

DEPENDENCIES
  hippo-cli!
  rspec
  rspec-core
  rspec-expectations
  rspec-mocks
  rubocop

BUNDLED WITH
   2.2.24
